PATH
  remote: .
  specs:
    should_be_on_web (0.0.1)
      bundler (~> 1.1.3)
      methadone (~> 1.1.0)
      nokogiri (~> 1.5.2)

GEM
  remote: https://rubygems.org/
  specs:
    aruba (0.4.11)
      childprocess (>= 0.2.3)
      cucumber (>= 1.1.1)
      ffi (>= 1.0.11)
      rspec (>= 2.7.0)
    builder (3.0.0)
    childprocess (0.3.2)
      ffi (~> 1.0.6)
    cucumber (1.2.0)
      builder (>= 2.1.2)
      diff-lcs (>= 1.1.3)
      gherkin (~> 2.10.0)
      json (>= 1.4.6)
    diff-lcs (1.1.3)
    ffi (1.0.11)
    ffi (1.0.11-java)
    gherkin (2.10.0)
      json (>= 1.4.6)
    gherkin (2.10.0-java)
      json (>= 1.4.6)
    growl (1.0.3)
    guard (1.0.3)
      ffi (>= 0.5.0)
      thor (>= 0.14.6)
    guard-bundler (0.1.3)
      bundler (>= 1.0.0)
      guard (>= 0.2.2)
    guard-cucumber (0.8.0)
      cucumber (>= 1.2.0)
      guard (>= 0.8.3)
    guard-rspec (0.7.2)
      guard (>= 0.10.0)
    json (1.7.3)
    json (1.7.3-java)
    methadone (1.1.0)
      bundler
    nokogiri (1.5.2)
    nokogiri (1.5.2-java)
    rake (0.9.2.2)
    rspec (2.10.0)
      rspec-core (~> 2.10.0)
      rspec-expectations (~> 2.10.0)
      rspec-mocks (~> 2.10.0)
    rspec-core (2.10.0)
    rspec-expectations (2.10.0)
      diff-lcs (~> 1.1.3)
    rspec-mocks (2.10.1)
    thor (0.15.2)

PLATFORMS
  java
  ruby

DEPENDENCIES
  aruba
  growl
  guard-bundler
  guard-cucumber
  guard-rspec
  rake (~> 0.9.2)
  should_be_on_web!
